GEM
  remote: https://rubygems.org/
  specs:
    pdfkit (0.6.1)
    rack (1.5.2)
    rack-protection (1.5.2)
      rack
    sinatra (1.4.4)
      rack (~> 1.4)
      rack-protection (~> 1.4)
      tilt (~> 1.3, >= 1.3.4)
    tilt (1.4.1)

PLATFORMS
  ruby

DEPENDENCIES
  pdfkit (~> 0.6.1)
  sinatra (= 1.4.4)
